GIT
  remote: https://github.com/boardiq/docker-api.git
  revision: fcca5d30b710f3e79b41d282337fc87c56553ce1
  branch: swarm_redirects
  specs:
    docker-api (1.32.1)
      excon (>= 0.38.0)
      json

GEM
  remote: https://rubygems.org/
  specs:
    coderay (1.1.1)
    excon (0.54.0)
    json (2.0.2)
    method_source (0.8.2)
    pry (0.10.4)
      coderay (~> 1.1.0)
      method_source (~> 0.8.1)
      slop (~> 3.4)
    slop (3.6.0)

PLATFORMS
  ruby

DEPENDENCIES
  docker-api!
  pry

BUNDLED WITH
   1.13.2
